GEM
  remote: https://rubygems.org/
  specs:
<<<<<<< HEAD
    rack (1.5.2)
    sinatra (1.1.0)
      rack (~> 1.1)
      tilt (~> 1.1)
=======
    addressable (2.3.8)
    backports (3.6.4)
    eventmachine (1.0.7)
    haml (4.0.6)
      tilt
    kgio (2.9.3)
    rack (1.6.4)
    rack-protection (1.5.3)
      rack
    rack-test (0.6.3)
      rack (>= 1.0)
    raindrops (0.14.0)
    sinatra (1.3.6)
      rack (~> 1.4)
      rack-protection (~> 1.3)
      tilt (~> 1.3, >= 1.3.3)
    sinatra-contrib (1.3.2)
      backports (>= 2.0)
      eventmachine
      rack-protection
      rack-test
      sinatra (~> 1.3.0)
      tilt (~> 1.3)
    slim (3.0.3)
      temple (~> 0.7.3)
      tilt (>= 1.3.3, < 2.1)
    temple (0.7.5)
>>>>>>> 35f7bc1... First push
    tilt (1.4.1)

PLATFORMS
  ruby

DEPENDENCIES
<<<<<<< HEAD
  sinatra
=======
  addressable
  haml
  sinatra (~> 1.3.0)
  sinatra-contrib
  slim
  unicorn
>>>>>>> 35f7bc1... First push
